GEM
  remote: https://rubygems.org/
  specs:
    addressable (2.3.6)
    buftok (0.2.0)
    equalizer (0.0.9)
    faraday (0.9.0)
      multipart-post (>= 1.2, < 3)
    gmath3D (1.0.0)
    http (0.6.3)
      http_parser.rb (~> 0.6.0)
    http_parser.rb (0.6.0)
    json (1.8.1)
    memoizable (0.4.2)
      thread_safe (~> 0.3, >= 0.3.1)
    mini_portile (0.6.1)
    multipart-post (2.0.0)
    naught (1.0.0)
    nokogiri (1.6.5)
      mini_portile (~> 0.6.0)
    simple_oauth (0.3.0)
    thread_safe (0.3.4)
    twitter (5.13.0)
      addressable (~> 2.3)
      buftok (~> 0.2.0)
      equalizer (~> 0.0.9)
      faraday (~> 0.9.0)
      http (~> 0.6.0)
      http_parser.rb (~> 0.6.0)
      json (~> 1.8)
      memoizable (~> 0.4.0)
      naught (~> 1.0)
      simple_oauth (~> 0.3.0)

PLATFORMS
  ruby

DEPENDENCIES
  gmath3D
  nokogiri
  twitter
